GEM
  remote: http://rubygems.org/
  specs:
    activesupport (3.2.13)
      i18n (= 0.6.1)
      multi_json (~> 1.0)
    clockwork (0.5.2)
      activesupport
      tzinfo (~> 0.3.35)
    faraday (0.8.7)
      multipart-post (~> 1.1)
    i18n (0.6.1)
    multi_json (1.7.6)
    multipart-post (1.2.0)
    rack (1.5.2)
    rack-protection (1.5.0)
      rack
    simple_oauth (0.2.0)
    sinatra (1.4.2)
      rack (~> 1.5, >= 1.5.2)
      rack-protection (~> 1.4)
      tilt (~> 1.3, >= 1.3.4)
    tilt (1.4.1)
    twitter (4.7.0)
      faraday (~> 0.8, < 0.10)
      multi_json (~> 1.0)
      simple_oauth (~> 0.2)
    tzinfo (0.3.37)

PLATFORMS
  ruby

DEPENDENCIES
  clockwork
  sinatra
  twitter
